PATH
  remote: .
  specs:
    acl9 (0.12.1)
      actionpack (~> 4.0.2)
      activerecord (~> 4.0.2)
      activesupport (~> 4.0.2)

GEM
  remote: http://rubygems.org/
  specs:
    actionpack (4.0.2)
      activesupport (= 4.0.2)
      builder (~> 3.1.0)
      erubis (~> 2.7.0)
      rack (~> 1.5.2)
      rack-test (~> 0.6.2)
    activemodel (4.0.2)
      activesupport (= 4.0.2)
      builder (~> 3.1.0)
    activerecord (4.0.2)
      activemodel (= 4.0.2)
      activerecord-deprecated_finders (~> 1.0.2)
      activesupport (= 4.0.2)
      arel (~> 4.0.0)
    activerecord-deprecated_finders (1.0.3)
    activesupport (4.0.2)
      i18n (~> 0.6, >= 0.6.4)
      minitest (~> 4.2)
      multi_json (~> 1.3)
      thread_safe (~> 0.1)
      tzinfo (~> 0.3.37)
    ansi (1.4.3)
    arel (4.0.1)
    atomic (1.1.14)
    be9-context (0.5.5)
    builder (3.1.4)
    erubis (2.7.0)
    i18n (0.6.9)
    jnunemaker-matchy (0.4.0)
    minitest (4.7.5)
    multi_json (1.8.2)
    rack (1.5.2)
    rack-test (0.6.2)
      rack (>= 1.0)
    rake (10.1.1)
    sqlite3 (1.3.8)
    thread_safe (0.1.3)
      atomic
    turn (0.9.6)
      ansi
    tzinfo (0.3.38)
    yard (0.8.7.3)

PLATFORMS
  ruby

DEPENDENCIES
  acl9!
  be9-context (>= 0.5.5)
  jnunemaker-matchy (>= 0.4.0)
  rake
  sqlite3
  turn
  yard
